PATH
  remote: .
  specs:
    everythingop (0.1.1)
      arxutils_sqlite3
      bundler
      encx
      rake (~> 13.0)
      rugged
      simpleoptparse
      sinatra
      ykutils
      ykxutils

GEM
  remote: https://rubygems.org/
  specs:
    activemodel (6.1.7.6)
      activesupport (= 6.1.7.6)
    activerecord (6.1.7.6)
      activemodel (= 6.1.7.6)
      activesupport (= 6.1.7.6)
    activesupport (6.1.7.6)
      concurrent-ruby (~> 1.0, >= 1.0.2)
      i18n (>= 1.6, < 2)
      minitest (>= 5.1)
      tzinfo (~> 2.0)
      zeitwerk (~> 2.3)
    arxutils_sqlite3 (0.1.61)
      activerecord (~> 6.1)
      activesupport
      bundler
      rake (~> 13.0)
      simpleoptparse
      sqlite3
      ykutils
      ykxutils
    ast (2.4.2)
    base64 (0.2.0)
    concurrent-ruby (1.2.2)
    diff-lcs (1.5.0)
    encx (0.1.4)
    erubi (1.12.0)
    erubis (2.7.0)
    filex (0.1.8)
      bundler
      erubis
      messagex
      rake (~> 13.0)
    i18n (1.14.1)
      concurrent-ruby (~> 1.0)
    json (2.7.1)
    messagex (0.1.5)
    minitest (5.20.0)
    mustermann (3.0.0)
      ruby2_keywords (~> 0.0.1)
    parallel (1.24.0)
    parser (3.2.2.4)
      ast (~> 2.4.1)
      racc
    racc (1.7.3)
    rack (2.2.6.4)
    rack-protection (3.2.0)
      base64 (>= 0.1.0)
      rack (~> 2.2, >= 2.2.4)
    rainbow (3.1.1)
    rake (13.1.0)
    regexp_parser (2.8.3)
    rexml (3.2.6)
    rspec (3.12.0)
      rspec-core (~> 3.12.0)
      rspec-expectations (~> 3.12.0)
      rspec-mocks (~> 3.12.0)
    rspec-core (3.12.2)
      rspec-support (~> 3.12.0)
    rspec-expectations (3.12.3)
      diff-lcs (>= 1.2.0, < 2.0)
      rspec-support (~> 3.12.0)
    rspec-mocks (3.12.5)
      diff-lcs (>= 1.2.0, < 2.0)
      rspec-support (~> 3.12.0)
    rspec-support (3.12.0)
    rspec_junit_formatter (0.6.0)
      rspec-core (>= 2, < 4, != 2.12.0)
    rubocop (1.50.2)
      json (~> 2.3)
      parallel (~> 1.10)
      parser (>= 3.2.0.0)
      rainbow (>= 2.2.2, < 4.0)
      regexp_parser (>= 1.8, < 3.0)
      rexml (>= 3.2.5, < 4.0)
      rubocop-ast (>= 1.28.0, < 2.0)
      ruby-progressbar (~> 1.7)
      unicode-display_width (>= 2.4.0, < 3.0)
    rubocop-ast (1.30.0)
      parser (>= 3.2.1.0)
    rubocop-capybara (2.19.0)
      rubocop (~> 1.41)
    rubocop-factory_bot (2.24.0)
      rubocop (~> 1.33)
    rubocop-rake (0.6.0)
      rubocop (~> 1.0)
    rubocop-rspec (2.25.0)
      rubocop (~> 1.40)
      rubocop-capybara (~> 2.17)
      rubocop-factory_bot (~> 2.22)
    ruby-progressbar (1.13.0)
    ruby2_keywords (0.0.5)
    rugged (1.6.3)
    simpleoptparse (0.1.2)
    sinatra (3.2.0)
      mustermann (~> 3.0)
      rack (~> 2.2, >= 2.2.4)
      rack-protection (= 3.2.0)
      tilt (~> 2.0)
    sqlite3 (1.6.2-x86_64-linux)
    tilt (2.3.0)
    tzinfo (2.0.6)
      concurrent-ruby (~> 1.0)
    unicode-display_width (2.5.0)
    ykutils (0.1.7)
      erubi
      filex
      tilt
    ykxutils (0.1.8)
      bundler
      erubi
      rake (~> 13.0)
      tilt
    zeitwerk (2.6.12)

PLATFORMS
  x86_64-linux

DEPENDENCIES
  activerecord (~> 6.1.7.6)
  arxutils_sqlite3
  bundler
  encx
  everythingop!
  rack (~> 2.2.6.1)
  rake (~> 13.1)
  rspec (~> 3.0)
  rspec_junit_formatter
  rubocop (~> 1.21)
  rubocop-rake
  rubocop-rspec
  rugged
  simpleoptparse
  sinatra (~> 3.2.0)
  ykutils
  ykxutils

BUNDLED WITH
   2.3.22
